PATH
  remote: .
  specs:
    active_record_seek (0.1.0)

GEM
  remote: https://rubygems.org/
  specs:
    activemodel (5.0.4)
      activesupport (= 5.0.4)
    activerecord (5.0.4)
      activemodel (= 5.0.4)
      activesupport (= 5.0.4)
      arel (~> 7.0)
    activesupport (5.0.4)
      concurrent-ruby (~> 1.0, >= 1.0.2)
      i18n (~> 0.7)
      minitest (~> 5.1)
      tzinfo (~> 1.1)
    arel (7.1.4)
    concurrent-ruby (1.0.5)
    factory_girl (4.8.0)
      activesupport (>= 3.0.0)
    i18n (0.8.6)
    minitest (5.10.3)
    rake (10.5.0)
    sqlite3 (1.3.13)
    thread_safe (0.3.6)
    tzinfo (1.2.3)
      thread_safe (~> 0.1)

PLATFORMS
  ruby

DEPENDENCIES
  active_record_seek!
  activerecord (~> 5.0)
  bundler (~> 1.15)
  factory_girl (~> 4.8)
  rake (~> 10.0)
  sqlite3 (~> 1.3)

BUNDLED WITH
   1.15.3
